GEM
  remote: https://rubygems.org/
  specs:
    activesupport (4.2.6)
      i18n (~> 0.7)
      json (~> 1.7, >= 1.7.7)
      minitest (~> 5.1)
      thread_safe (~> 0.3, >= 0.3.4)
      tzinfo (~> 1.1)
    addressable (2.4.0)
    builder (3.2.2)
    capybara (2.7.1)
      addressable
      mime-types (>= 1.16)
      nokogiri (>= 1.3.3)
      rack (>= 1.0.0)
      rack-test (>= 0.5.4)
      xpath (~> 2.0)
    clockwork (2.0.0)
      activesupport
      tzinfo
    concurrent-ruby (1.0.2)
    connection_pool (2.2.0)
    crack (0.4.3)
      safe_yaml (~> 1.0.0)
    diff-lcs (1.2.5)
    facebook-messenger (0.6.0)
      httparty (~> 0.13.7)
      rack (>= 1.6.4)
    factory_girl (4.7.0)
      activesupport (>= 3.0.0)
    fakeredis (0.5.0)
      redis (~> 3.0)
    hashdiff (0.3.0)
    httparty (0.13.7)
      json (~> 1.8)
      multi_xml (>= 0.5.2)
    i18n (0.7.0)
    json (1.8.3)
    jwt (1.5.4)
    mime-types (3.1)
      mime-types-data (~> 3.2015)
    mime-types-data (3.2016.0521)
    mini_portile2 (2.1.0)
    minitest (5.9.0)
    multi_json (1.12.1)
    multi_xml (0.5.5)
    nokogiri (1.6.8)
      mini_portile2 (~> 2.1.0)
      pkg-config (~> 1.1.7)
    pg (0.18.4)
    pkg-config (1.1.7)
    puma (3.4.0)
    rack (1.6.4)
    rack-test (0.6.3)
      rack (>= 1.0)
    rake (11.1.2)
    redis (3.3.0)
    rspec (3.4.0)
      rspec-core (~> 3.4.0)
      rspec-expectations (~> 3.4.0)
      rspec-mocks (~> 3.4.0)
    rspec-core (3.4.4)
      rspec-support (~> 3.4.0)
    rspec-expectations (3.4.0)
      diff-lcs (>= 1.2.0, < 2.0)
      rspec-support (~> 3.4.0)
    rspec-mocks (3.4.1)
      diff-lcs (>= 1.2.0, < 2.0)
      rspec-support (~> 3.4.0)
    rspec-sidekiq (2.2.0)
      rspec (~> 3.0, >= 3.0.0)
      sidekiq (>= 2.4.0)
    rspec-support (3.4.1)
    safe_yaml (1.0.4)
    sequel (4.35.0)
    sidekiq (4.1.2)
      concurrent-ruby (~> 1.0)
      connection_pool (~> 2.2, >= 2.2.0)
      redis (~> 3.2, >= 3.2.1)
    thread_safe (0.3.5)
    twilio-ruby (4.11.1)
      builder (>= 2.1.2)
      jwt (~> 1.0)
      multi_json (>= 1.3.0)
    tzinfo (1.2.2)
      thread_safe (~> 0.1)
    webmock (2.1.0)
      addressable (>= 2.3.6)
      crack (>= 0.3.2)
      hashdiff
    xpath (2.0.0)
      nokogiri (~> 1.3)

PLATFORMS
  ruby

DEPENDENCIES
  activerecord-jdbcpostgresql-adapter (= 1.3.20)
  capybara
  clockwork (~> 2.0.0)
  facebook-messenger
  factory_girl
  fakeredis
  httparty (~> 0.13.7)
  json
  pg (= 0.18.4)
  pg_jruby (= 0.17.1.pre.java)
  puma (~> 3.4.0)
  rake (= 11.1.2)
  redis (= 3.3.0)
  rspec
  rspec-sidekiq
  sequel (~> 4.35.0)
  sidekiq (~> 4.1.2)
  twilio-ruby
  webmock

RUBY VERSION
   ruby 2.2.3p173

BUNDLED WITH
   1.12.5
