GIT
  remote: git://github.com/headius/jruby-pg.git
  revision: d7297060881976506fe4b53f402056309f2496f1
  branch: master
  specs:
    pg (0.17.1)

GEM
  remote: https://rubygems.org/
  specs:
    activemodel (4.2.6)
      activesupport (= 4.2.6)
      builder (~> 3.1)
    activerecord (4.2.6)
      activemodel (= 4.2.6)
      activesupport (= 4.2.6)
      arel (~> 6.0)
    activerecord-jdbc-adapter (1.3.20)
      activerecord (>= 2.2)
    activerecord-jdbcpostgresql-adapter (1.3.20)
      activerecord-jdbc-adapter (~> 1.3.20)
      jdbc-postgres (>= 9.1)
    activesupport (4.2.6)
      i18n (~> 0.7)
      json (~> 1.7, >= 1.7.7)
      minitest (~> 5.1)
      thread_safe (~> 0.3, >= 0.3.4)
      tzinfo (~> 1.1)
    addressable (2.4.0)
    airbrake (5.4.1)
      airbrake-ruby (~> 1.4)
    airbrake-ruby (1.4.3)
    arel (6.0.3)
    builder (3.2.2)
    capybara (2.7.1)
      addressable
      mime-types (>= 1.16)
      nokogiri (>= 1.3.3)
      rack (>= 1.0.0)
      rack-test (>= 0.5.4)
      xpath (~> 2.0)
    clockwork (2.0.0)
      activesupport
      tzinfo
    coderay (1.1.1)
    concurrent-ruby (1.0.2)
    concurrent-ruby (1.0.2-java)
    connection_pool (2.2.0)
    crack (0.4.3)
      safe_yaml (~> 1.0.0)
    database_cleaner (1.5.3)
    diff-lcs (1.2.5)
    dotenv (2.1.1)
    email_spec (2.1.0)
      htmlentities (~> 4.3.3)
      launchy (~> 2.1)
      mail (~> 2.6.3)
    facebook-messenger (0.7.0)
      httparty (~> 0.13.7)
      rack (>= 1.6.4)
    factory_girl (4.7.0)
      activesupport (>= 3.0.0)
    fakeredis (0.5.0)
      redis (~> 3.0)
    ffi (1.9.11)
    hashdiff (0.3.0)
    htmlentities (4.3.4)
    httparty (0.13.7)
      json (~> 1.8)
      multi_xml (>= 0.5.2)
    i18n (0.7.0)
    jdbc-postgres (9.4.1206)
    json (1.8.3)
    json (1.8.3-java)
    launchy (2.4.3)
      addressable (~> 2.3)
    launchy (2.4.3-java)
      addressable (~> 2.3)
      spoon (~> 0.0.1)
    mail (2.6.4)
      mime-types (>= 1.16, < 4)
    method_source (0.8.2)
    mime-types (3.1)
      mime-types-data (~> 3.2015)
    mime-types-data (3.2016.0521)
    mini_portile2 (2.1.0)
    minitest (5.9.0)
    multi_xml (0.5.5)
    newrelic_rpm (3.16.0.318)
    nokogiri (1.6.8)
      mini_portile2 (~> 2.1.0)
      pkg-config (~> 1.1.7)
    nokogiri (1.6.8-java)
    pkg-config (1.1.7)
    pony (1.11)
      mail (>= 2.0)
    pry (0.10.0)
      coderay (~> 1.1.0)
      method_source (~> 0.8.1)
      slop (~> 3.4)
    pry (0.10.0-java)
      coderay (~> 1.1.0)
      method_source (~> 0.8.1)
      slop (~> 3.4)
      spoon (~> 0.0)
    puma (3.4.0)
    puma (3.4.0-java)
    rack (1.6.4)
    rack-protection (1.5.3)
      rack
    rack-test (0.6.3)
      rack (>= 1.0)
    rake (11.1.2)
    redis (3.3.0)
    rspec (3.4.0)
      rspec-core (~> 3.4.0)
      rspec-expectations (~> 3.4.0)
      rspec-mocks (~> 3.4.0)
    rspec-core (3.4.4)
      rspec-support (~> 3.4.0)
    rspec-expectations (3.4.0)
      diff-lcs (>= 1.2.0, < 2.0)
      rspec-support (~> 3.4.0)
    rspec-mocks (3.4.1)
      diff-lcs (>= 1.2.0, < 2.0)
      rspec-support (~> 3.4.0)
    rspec-sidekiq (2.2.0)
      rspec (~> 3.0, >= 3.0.0)
      sidekiq (>= 2.4.0)
    rspec-support (3.4.1)
    safe_yaml (1.0.4)
    sequel (4.35.0)
    sidekiq (4.1.2)
      concurrent-ruby (~> 1.0)
      connection_pool (~> 2.2, >= 2.2.0)
      redis (~> 3.2, >= 3.2.1)
    sinatra (1.4.7)
      rack (~> 1.5)
      rack-protection (~> 1.4)
      tilt (>= 1.3, < 3)
    slop (3.6.0)
    spoon (0.0.4)
      ffi
    thread_safe (0.3.5)
    thread_safe (0.3.5-java)
    tilt (2.0.5)
    timecop (0.8.1)
    tzinfo (1.2.2)
      thread_safe (~> 0.1)
    webmock (2.1.0)
      addressable (>= 2.3.6)
      crack (>= 0.3.2)
      hashdiff
    xpath (2.0.0)
      nokogiri (~> 1.3)

PLATFORMS
  java
  ruby

DEPENDENCIES
  activerecord-jdbcpostgresql-adapter (= 1.3.20)
  airbrake
  capybara
  clockwork (~> 2.0.0)
  database_cleaner
  dotenv (~> 2.1, >= 2.1.1)
  email_spec
  facebook-messenger
  factory_girl
  fakeredis
  httparty (~> 0.13.7)
  json
  newrelic_rpm
  pg (= 0.17.1)!
  pony
  pry
  puma (~> 3.4.0)
  rack-test
  rake (= 11.1.2)
  redis (= 3.3.0)
  rspec
  rspec-mocks (~> 3.4, >= 3.4.1)
  rspec-sidekiq
  sequel (~> 4.35.0)
  sidekiq (~> 4.1.2)
  sinatra
  timecop
  webmock

RUBY VERSION
   ruby 2.2.3p0 (jruby 9.0.5.0)

BUNDLED WITH
   1.12.5
